GEM
  remote: https://rubygems.org/
  specs:
    childprocess (3.0.0)
    rubyzip (2.0.0)
    selenium-webdriver (3.142.6)
      childprocess (>= 0.5, < 4.0)
      rubyzip (>= 1.2.2)

PLATFORMS
  x64-mingw32

DEPENDENCIES
  selenium-webdriver (~> 3.142, >= 3.142.6)

BUNDLED WITH
   2.0.2
